GEM
  remote: https://api.rubygems.org/
  remote: https://rails-assets.org/
  specs:
    actionmailer (4.2.6)
      actionpack (= 4.2.6)
      actionview (= 4.2.6)
      activejob (= 4.2.6)
      mail (~> 2.5, >= 2.5.4)
      rails-dom-testing (~> 1.0, >= 1.0.5)
    actionpack (4.2.6)
      actionview (= 4.2.6)
      activesupport (= 4.2.6)
      rack (~> 1.6)
      rack-test (~> 0.6.2)
      rails-dom-testing (~> 1.0, >= 1.0.5)
      rails-html-sanitizer (~> 1.0, >= 1.0.2)
    actionview (4.2.6)
      activesupport (= 4.2.6)
      builder (~> 3.1)
      erubis (~> 2.7.0)
      rails-dom-testing (~> 1.0, >= 1.0.5)
      rails-html-sanitizer (~> 1.0, >= 1.0.2)
    activejob (4.2.6)
      activesupport (= 4.2.6)
      globalid (>= 0.3.0)
    activemodel (4.2.6)
      activesupport (= 4.2.6)
      builder (~> 3.1)
    activerecord (4.2.6)
      activemodel (= 4.2.6)
      activesupport (= 4.2.6)
      arel (~> 6.0)
    activesupport (4.2.6)
      i18n (~> 0.7)
      json (~> 1.7, >= 1.7.7)
      minitest (~> 5.1)
      thread_safe (~> 0.3, >= 0.3.4)
      tzinfo (~> 1.1)
    annotate (2.7.5)
      activerecord (>= 3.2, < 7.0)
      rake (>= 10.4, < 13.0)
    arel (6.0.4)
    audited (4.9.0)
      activerecord (>= 4.2, < 6.1)
    autoprefixer-rails (9.8.5)
      execjs
    awesome_print (1.8.0)
    axlsx (2.0.1)
      htmlentities (~> 4.3.1)
      nokogiri (>= 1.4.1)
      rubyzip (~> 1.0.0)
    axlsx_rails (0.5.2)
      actionpack (>= 3.1)
      axlsx (>= 2.0.1)
    bcrypt (3.1.13)
    better_errors (2.7.1)
      coderay (>= 1.0.0)
      erubi (>= 1.0.0)
      rack (>= 0.9.0)
    bootstrap-datepicker-rails (1.6.4.1)
      railties (>= 3.0)
    bootstrap-daterangepicker-rails (0.1.8)
      railties (>= 4.0, < 5.3)
    bootstrap-sass (3.4.1)
      autoprefixer-rails (>= 5.2.1)
      sassc (>= 2.0.0)
    brakeman (3.1.5)
      erubis (~> 2.6)
      fastercsv (~> 1.5)
      haml (>= 3.0, < 5.0)
      highline (>= 1.6.20, < 2.0)
      multi_json (~> 1.2)
      ruby2ruby (>= 2.1.1, < 2.3.0)
      ruby_parser (~> 3.7.0)
      safe_yaml (>= 1.0)
      sass (~> 3.0)
      slim (>= 1.3.6, < 4.0)
      terminal-table (~> 1.4)
    breadcrumbs_on_rails (2.3.1)
    builder (3.2.4)
    byebug (11.0.1)
    carrierwave (0.11.2)
      activemodel (>= 3.2.0)
      activesupport (>= 3.2.0)
      json (>= 1.7)
      mime-types (>= 1.16)
      mimemagic (>= 0.3.0)
    client_side_validations (4.2.12)
      jquery-rails (>= 3.1.2, < 5.0.0)
      js_regex (~> 1.0, >= 1.0.19)
      rails (>= 4.0.0, < 4.3.0)
    code_analyzer (0.5.2)
      sexp_processor
    coderay (1.1.3)
    coffee-rails (4.1.1)
      coffee-script (>= 2.2.0)
      railties (>= 4.0.0, < 5.1.x)
    coffee-script (2.4.1)
      coffee-script-source
      execjs
    coffee-script-source (1.12.2)
    concurrent-ruby (1.1.6)
    crass (1.0.6)
    devise (3.5.10)
      bcrypt (~> 3.0)
      orm_adapter (~> 0.1)
      railties (>= 3.2.6, < 5)
      responders
      thread_safe (~> 0.1)
      warden (~> 1.2.3)
    erubi (1.9.0)
    erubis (2.7.0)
    execjs (2.7.0)
    fastercsv (1.5.5)
    ffi (1.13.1)
    figaro (1.1.1)
      thor (~> 0.14)
    flag-icons-rails (1.1.2)
      sass (~> 3.2)
    font-awesome-sass (4.7.0)
      sass (>= 3.2)
    globalid (0.4.2)
      activesupport (>= 4.2.0)
    haml (4.0.7)
      tilt
    highline (1.7.10)
    htmlentities (4.3.4)
    i18n (0.9.5)
      concurrent-ruby (~> 1.0)
    icheck-rails (1.0.2.2)
      jquery-rails
      rails (>= 3.1.0)
      sass-rails
    jbuilder (2.9.1)
      activesupport (>= 4.2.0)
    jquery-rails (4.2.2)
      rails-dom-testing (>= 1, < 3)
      railties (>= 4.2.0)
      thor (>= 0.14, < 2.0)
    js_regex (1.2.3)
      regexp_parser (>= 0.3.6, <= 0.5.0)
    json (1.8.6)
    libv8 (3.16.14.19)
    loofah (2.6.0)
      crass (~> 1.0.2)
      nokogiri (>= 1.5.9)
    mail (2.7.1)
      mini_mime (>= 0.1.1)
    meta-tags (2.13.0)
      actionpack (>= 3.2.0, < 6.1)
    mime-types (3.3.1)
      mime-types-data (~> 3.2015)
    mime-types-data (3.2020.0512)
    mimemagic (0.3.5)
    mina (0.3.8)
      open4 (~> 1.3.4)
      rake
    mina-multistage (1.0.2)
      mina (>= 0.2.1)
    mina-puma (0.2.0)
      mina
    mini_magick (4.10.1)
    mini_mime (1.0.2)
    mini_portile2 (2.4.0)
    minitest (5.14.1)
    modernizr-rails (2.7.1)
    momentjs-rails (2.11.1)
      railties (>= 3.1)
    multi_json (1.15.0)
    nokogiri (1.10.10)
      mini_portile2 (~> 2.4.0)
    open4 (1.3.4)
    orm_adapter (0.5.0)
    pace-rails (0.1.3)
      jquery-rails
    pg (0.18.4)
    puma (3.12.6)
    pundit (1.1.0)
      activesupport (>= 3.0.0)
    rack (1.6.13)
    rack-test (0.6.3)
      rack (>= 1.0)
    rails (4.2.6)
      actionmailer (= 4.2.6)
      actionpack (= 4.2.6)
      actionview (= 4.2.6)
      activejob (= 4.2.6)
      activemodel (= 4.2.6)
      activerecord (= 4.2.6)
      activesupport (= 4.2.6)
      bundler (>= 1.3.0, < 2.0)
      railties (= 4.2.6)
      sprockets-rails
    rails-assets-sweetalert2 (0.4.5)
    rails-deprecated_sanitizer (1.0.3)
      activesupport (>= 4.2.0.alpha)
    rails-dom-testing (1.0.9)
      activesupport (>= 4.2.0, < 5.0)
      nokogiri (~> 1.6)
      rails-deprecated_sanitizer (>= 1.0.1)
    rails-html-sanitizer (1.3.0)
      loofah (~> 2.3)
    rails_best_practices (1.20.0)
      activesupport
      code_analyzer (>= 0.5.1)
      erubis
      i18n
      json
      require_all (~> 3.0)
      ruby-progressbar
    railties (4.2.6)
      actionpack (= 4.2.6)
      activesupport (= 4.2.6)
      rake (>= 0.8.7)
      thor (>= 0.18.1, < 2.0)
    rake (12.3.3)
    ransack (1.8.10)
      actionpack (>= 3.0, < 5.2)
      activerecord (>= 3.0, < 5.2)
      activesupport (>= 3.0, < 5.2)
      i18n
    rb-fsevent (0.10.4)
    rb-inotify (0.10.1)
      ffi (~> 1.0)
    rdoc (4.3.0)
    ref (2.0.0)
    regexp_parser (0.5.0)
    require_all (3.0.0)
    responders (2.4.1)
      actionpack (>= 4.2.0, < 6.0)
      railties (>= 4.2.0, < 6.0)
    rjb (1.5.9)
    ruby-progressbar (1.10.1)
    ruby2ruby (2.2.0)
      ruby_parser (~> 3.1)
      sexp_processor (~> 4.0)
    ruby_parser (3.7.3)
      sexp_processor (~> 4.1)
    rubyzip (1.0.0)
    safe_yaml (1.0.5)
    sass (3.7.4)
      sass-listen (~> 4.0.0)
    sass-listen (4.0.0)
      rb-fsevent (~> 0.9, >= 0.9.4)
      rb-inotify (~> 0.9, >= 0.9.7)
    sass-rails (5.0.7)
      railties (>= 4.0.0, < 6)
      sass (~> 3.1)
      sprockets (>= 2.8, < 4.0)
      sprockets-rails (>= 2.0, < 4.0)
      tilt (>= 1.1, < 3)
    sassc (2.4.0)
      ffi (~> 1.9)
    sdoc (0.4.2)
      json (~> 1.7, >= 1.7.7)
      rdoc (~> 4.0)
    seed_dump (3.3.1)
      activerecord (>= 4)
      activesupport (>= 4)
    seedbank (0.3.0)
    sexp_processor (4.15.0)
    slim (3.0.9)
      temple (>= 0.7.6, < 0.9)
      tilt (>= 1.3.3, < 2.1)
    slim-rails (3.2.0)
      actionpack (>= 3.1)
      railties (>= 3.1)
      slim (>= 3.0, < 5.0)
    spring (2.0.2)
      activesupport (>= 4.2)
    sprockets (3.7.2)
      concurrent-ruby (~> 1.0)
      rack (> 1, < 3)
    sprockets-rails (3.2.1)
      actionpack (>= 4.0)
      activesupport (>= 4.0)
      sprockets (>= 3.0.0)
    temple (0.8.2)
    terminal-table (1.8.0)
      unicode-display_width (~> 1.1, >= 1.1.1)
    therubyracer (0.12.3)
      libv8 (~> 3.16.14.15)
      ref
    thor (0.20.3)
    thread_safe (0.3.6)
    tilt (2.0.10)
    turbolinks (2.5.3)
      coffee-rails
    tzinfo (1.2.7)
      thread_safe (~> 0.1)
    uglifier (4.2.0)
      execjs (>= 0.3.0, < 3)
    unicode-display_width (1.7.0)
    unidecoder (1.1.2)
    warden (1.2.7)
      rack (>= 1.0)
    will_paginate (3.3.0)
    will_paginate-bootstrap (1.0.2)
      will_paginate (>= 3.0.3)

PLATFORMS
  ruby

DEPENDENCIES
  annotate (~> 2.7.0)
  audited (~> 4.3)
  awesome_print
  axlsx (~> 2.0)
  axlsx_rails (~> 0.5)
  better_errors (>= 2.1.1)
  bootstrap-datepicker-rails (~> 1.6.4)
  bootstrap-daterangepicker-rails (~> 0.1.5)
  bootstrap-sass (~> 3.3, >= 3.3.6)
  brakeman (~> 3.1.4)
  breadcrumbs_on_rails (~> 2.3.1)
  byebug
  carrierwave (= 0.11.2)
  client_side_validations (~> 4.2, >= 4.2.3)
  coffee-rails (~> 4.1.0)
  devise (~> 3.5, >= 3.5.4)
  execjs (~> 2.7)
  figaro (~> 1.1.1)
  flag-icons-rails (~> 1.1, >= 1.1.2)
  font-awesome-sass (~> 4.5)
  icheck-rails (~> 1.0, >= 1.0.2.1)
  jbuilder (~> 2.0)
  jquery-rails (~> 4.2.2)
  meta-tags (~> 2.1)
  mina (~> 0.3.8)
  mina-multistage (~> 1.0.2)
  mina-puma (~> 0.2.0)
  mini_magick (~> 4.6)
  modernizr-rails (~> 2.7, >= 2.7.1)
  momentjs-rails (~> 2.11.1)
  pace-rails (~> 0.1.3)
  pg (~> 0.18.4)
  puma (~> 3.11)
  pundit (~> 1.1)
  rails (= 4.2.6)
  rails-assets-sweetalert2 (~> 0.4.0)!
  rails_best_practices (>= 1.15.7)
  ransack (~> 1.7)
  rjb (~> 1.5.5)
  sass-rails (~> 5.0)
  sdoc (~> 0.4.0)
  seed_dump (~> 3.2, >= 3.2.4)
  seedbank (~> 0.3.0)
  slim-rails (~> 3.0, >= 3.0.1)
  spring (~> 2.0)
  therubyracer
  turbolinks (= 2.5.3)
  uglifier (>= 1.3.0)
  unidecoder
  will_paginate-bootstrap (~> 1.0.1)

RUBY VERSION
   ruby 2.3.1p112

BUNDLED WITH
   1.17.3
